GEM
  remote: http://rubygems.org/
  specs:
    docopt (0.5.0)

PLATFORMS
  ruby

DEPENDENCIES
  docopt
